GEM
  remote: https://ruby.taobao.org/
  specs:
    asciidoctor (1.5.2)
    mini_portile (0.6.2)
    nokogiri (1.6.6.2)
      mini_portile (~> 0.6.0)
    rake (10.4.2)

PLATFORMS
  ruby

DEPENDENCIES
  asciidoctor (~> 1.5)
  nokogiri (~> 1.6)
  rake
