GEM
  remote: https://ruby.taobao.org/
  specs:
    asciidoctor (1.5.2)
    rake (10.4.2)

PLATFORMS
  ruby

DEPENDENCIES
  asciidoctor (~> 1.5)
  rake
